GIT
  remote: git://github.com/igrigorik/em-http-request.git
  revision: 339e5e54c61a4e482ad8e82e137a51e2fecc568c
  specs:
    em-http-request (1.0.0.beta.4)
      addressable (>= 2.2.3)
      em-socksify
      eventmachine (>= 1.0.0.beta.3)
      http_parser.rb (>= 0.5.1)

GIT
  remote: git://github.com/igrigorik/em-synchrony.git
  revision: 4224adb118eb5ce53c65feb70985976ca07671ae
  specs:
    em-synchrony (0.3.0.beta.1)
      eventmachine (>= 1.0.0.beta.1)

PATH
  remote: .
  specs:
    open_street_maps (0.0.1)
      em-http-request (>= 1.0.0.beta.4)
      em-synchrony (>= 0.3.0.beta.1)
      yajl-ruby

GEM
  remote: http://rubygems.org/
  specs:
    addressable (2.2.6)
    diff-lcs (1.1.2)
    em-socksify (0.1.0)
      eventmachine
    eventmachine (1.0.0.beta.3)
    http_parser.rb (0.5.1)
    rack (1.3.2)
    rack-test (0.6.1)
      rack (>= 1.0)
    rr (1.0.3)
    rspec (2.6.0)
      rspec-core (~> 2.6.0)
      rspec-expectations (~> 2.6.0)
      rspec-mocks (~> 2.6.0)
    rspec-core (2.6.4)
    rspec-expectations (2.6.0)
      diff-lcs (~> 1.1.2)
    rspec-mocks (2.6.0)
    watchr (0.7)
    yajl-ruby (0.8.3)

PLATFORMS
  ruby

DEPENDENCIES
  em-http-request!
  em-synchrony!
  open_street_maps!
  rack-test
  rr
  rspec
  watchr
